GEM
  remote: http://rubygems.org/
  specs:
    activesupport (3.2.8)
      i18n (~> 0.6)
      multi_json (~> 1.0)
    andand (1.3.3)
    dotenv (0.8.0)
    excon (0.16.10)
    foreman (0.63.0)
      dotenv (>= 0.7)
      thor (>= 0.13.6)
    haml (3.1.4)
    httparty (0.8.1)
      multi_json
      multi_xml
    i18n (0.6.0)
    json (1.7.7)
    lastfm (1.17.0)
      activesupport (>= 3.0.3)
      httparty
      xml-simple
    mandrill-api (1.0.19)
      excon (~> 0.16.0)
      json (~> 1.7.7)
    multi_json (1.2.0)
    multi_xml (0.5.3)
    rack (1.4.1)
    rack-protection (1.2.0)
      rack
    rake (0.9.2)
    sinatra (1.3.2)
      rack (~> 1.3, >= 1.3.6)
      rack-protection (~> 1.2)
      tilt (~> 1.3, >= 1.3.3)
    thor (0.18.1)
    tilt (1.3.3)
    xml-simple (1.1.2)

PLATFORMS
  ruby

DEPENDENCIES
  andand
  foreman
  haml
  httparty
  lastfm
  mandrill-api
  rack
  rake
  sinatra
