GEM
  remote: http://rubygems.org/
  specs:
    activesupport (3.2.8)
      i18n (~> 0.6)
      multi_json (~> 1.0)
    andand (1.3.3)
    httparty (0.8.1)
      multi_json
      multi_xml
    i18n (0.6.0)
    lastfm (1.17.0)
      activesupport (>= 3.0.3)
      httparty
      xml-simple
    multi_json (1.2.0)
    multi_xml (0.5.3)
    rack (1.4.1)
    rack-protection (1.2.0)
      rack
    sinatra (1.3.2)
      rack (~> 1.3, >= 1.3.6)
      rack-protection (~> 1.2)
      tilt (~> 1.3, >= 1.3.3)
    tilt (1.3.3)
    xml-simple (1.1.2)

PLATFORMS
  ruby

DEPENDENCIES
  andand
  lastfm
  rack
  sinatra
